GEM
  remote: https://rubygems.org/
  specs:
    jasmine (3.4.0)
      jasmine-core (~> 3.4.0)
      phantomjs
      rack (>= 1.2.1)
      rake
    jasmine-core (3.4.0)
    mustermann (2.0.2)
      ruby2_keywords (~> 0.0.1)
    phantomjs (2.1.1.0)
    rack (2.2.4)
    rack-protection (2.2.3)
      rack
    rake (12.3.3)
    ruby2_keywords (0.0.5)
    sinatra (2.2.3)
      mustermann (~> 2.0)
      rack (~> 2.2)
      rack-protection (= 2.2.3)
      tilt (~> 2.0)
    tilt (2.0.11)

PLATFORMS
  ruby

DEPENDENCIES
  jasmine (= 3.4.0)
  sinatra (= 2.2.3)

BUNDLED WITH
   2.0.2
