GEM
  remote: https://rubygems.org/
  specs:
    jasmine (3.4.0)
      jasmine-core (~> 3.4.0)
      phantomjs
      rack (>= 1.2.1)
      rake
    jasmine-core (3.4.0)
    mustermann (1.0.3)
    phantomjs (2.1.1.0)
    rack (2.2.3)
    rack-protection (2.0.7)
      rack
    rake (12.3.3)
    sinatra (2.0.7)
      mustermann (~> 1.0)
      rack (~> 2.0)
      rack-protection (= 2.0.7)
      tilt (~> 2.0)
    tilt (2.0.9)

PLATFORMS
  ruby

DEPENDENCIES
  jasmine (= 3.4.0)
  sinatra (= 2.0.7)

BUNDLED WITH
   2.0.2
